PATH
  remote: .
  specs:
    mina-circle (0.0.1)
      mina (~> 0.3, >= 0.3.0)

GEM
  remote: http://rubygems.org/
  specs:
    byebug (4.0.5)
      columnize (= 0.9.0)
    columnize (0.9.0)
    mina (0.3.4)
      open4 (~> 1.3.4)
      rake
    open4 (1.3.4)
    rake (10.4.2)

PLATFORMS
  ruby

DEPENDENCIES
  byebug
  mina-circle!
