PATH
  remote: .
  specs:
    mina-circle (0.1.1)
      mina (~> 0.3, >= 0.3.0)

GEM
  remote: http://rubygems.org/
  specs:
    mina (0.3.4)
      open4 (~> 1.3.4)
      rake
    open4 (1.3.4)
    rake (10.4.2)

PLATFORMS
  ruby

DEPENDENCIES
  mina-circle!
