PATH
  remote: .
  specs:
    mina-circle (1.1.1)
      mina (~> 0.3, >= 0.3.0)

GEM
  remote: http://rubygems.org/
  specs:
    mina (0.3.8)
      open4 (~> 1.3.4)
      rake
    open4 (1.3.4)
    rake (10.4.2)

PLATFORMS
  ruby

DEPENDENCIES
  mina-circle!
  rake (~> 10.4, >= 10.4.0)

BUNDLED WITH
   1.10.6
