PATH
  remote: .
  specs:
    mina-circle (2.0.2)
      mina (~> 0.3, >= 0.3.0)

GEM
  remote: http://rubygems.org/
  specs:
    mina (0.3.8)
      open4 (~> 1.3.4)
      rake
    minitest (5.14.0)
    open4 (1.3.4)
    rake (10.5.0)

PLATFORMS
  ruby

DEPENDENCIES
  mina-circle!
  minitest (~> 5.8, >= 5.8.0)
  rake (~> 10.4, >= 10.4.0)

BUNDLED WITH
   1.17.2
