PATH
  remote: .
  specs:
    mina-circle (1.2.0)
      mina (~> 0.3, >= 0.3.0)

GEM
  remote: http://rubygems.org/
  specs:
    addressable (2.4.0)
    crack (0.4.3)
      safe_yaml (~> 1.0.0)
    hashdiff (0.3.0)
    mina (0.3.8)
      open4 (~> 1.3.4)
      rake
    minitest (5.8.3)
    open4 (1.3.4)
    rake (10.5.0)
    safe_yaml (1.0.4)
    vcr (3.0.1)
    webmock (1.22.6)
      addressable (>= 2.3.6)
      crack (>= 0.3.2)
      hashdiff

PLATFORMS
  ruby

DEPENDENCIES
  mina-circle!
  minitest (~> 5.8, >= 5.8.0)
  rake (~> 10.4, >= 10.4.0)
  vcr (~> 3.0, >= 3.0.0)
  webmock (~> 1.22, >= 1.22.0)

BUNDLED WITH
   1.10.6
