PATH
  remote: .
  specs:
    mina-circle (3.0.0.beta.1)
      mina (~> 1.2)

GEM
  remote: http://rubygems.org/
  specs:
    mina (1.2.3)
      open4 (~> 1.3.4)
      rake
    minitest (5.14.4)
    open4 (1.3.4)
    rake (13.0.3)

PLATFORMS
  ruby

DEPENDENCIES
  mina-circle!
  minitest (>= 5.8.0)
  rake (>= 12.3.3)

BUNDLED WITH
   1.17.2
